PATH
  remote: .
  specs:
    text_adventure_game (0.1.0)

GEM
  remote: https://rubygems.org/
  specs:
    rake (13.0.6)

PLATFORMS
  x86_64-linux

DEPENDENCIES
  rake (~> 13.0)
  text_adventure_game!

BUNDLED WITH
   2.4.4
